GEM
  remote: https://rubygems.org/
  specs:
    benchmark-ips (2.9.2)
    coderay (1.1.3)
    concurrent-ruby (1.1.9)
    faker (2.19.0)
      i18n (>= 1.6, < 2)
    i18n (1.8.11)
      concurrent-ruby (~> 1.0)
    method_source (1.0.0)
    mysql2 (0.5.3)
    pry (0.14.1)
      coderay (~> 1.1)
      method_source (~> 1.0)

PLATFORMS
  x86_64-linux

DEPENDENCIES
  benchmark-ips
  faker
  mysql2
  pry

BUNDLED WITH
   2.2.32
